GEM
  remote: https://rubygems.org/
  specs:
    chef-utils (18.8.11)
      concurrent-ruby
    childprocess (5.1.0)
      logger (~> 1.5)
    concurrent-ruby (1.3.5)
    iniparse (1.5.0)
    kramdown (2.5.1)
      rexml (>= 3.3.9)
    kramdown-parser-gfm (1.1.0)
      kramdown (~> 2.0)
    logger (1.7.0)
    mdl (0.13.0)
      kramdown (~> 2.3)
      kramdown-parser-gfm (~> 1.1)
      mixlib-cli (~> 2.1, >= 2.1.1)
      mixlib-config (>= 2.2.1, < 4)
      mixlib-shellout
    mixlib-cli (2.1.8)
    mixlib-config (3.0.27)
      tomlrb
    mixlib-shellout (3.3.9)
      chef-utils
    overcommit (0.68.0)
      childprocess (>= 0.6.3, < 6)
      iniparse (~> 1.4)
      rexml (>= 3.3.9)
    punchlist (1.3.2)
      source_finder (>= 2)
    rexml (3.4.2)
    source_finder (3.2.1)
    tomlrb (2.0.3)

PLATFORMS
  arm64-darwin-24
  ruby

DEPENDENCIES
  mdl
  overcommit (~> 0.68.0)
  punchlist (>= 1.3.1)

BUNDLED WITH
   2.7.1
